PATH
  remote: .
  specs:
    afipws (0.1.8)
      activesupport
      builder
      httpclient
      i18n
      nokogiri
      savon

GEM
  remote: http://rubygems.org/
  specs:
    activesupport (3.0.3)
    builder (3.0.0)
    crack (0.1.8)
    diff-lcs (1.1.2)
    gyoku (0.2.0)
      builder (>= 2.1.2)
    httpclient (2.8.2.4)
    httpi (0.7.8)
      rack
    i18n (0.5.0)
    mini_portile2 (2.1.0)
    mocha (0.9.10)
      rake
    nokogiri (1.6.8)
      mini_portile2 (~> 2.1.0)
      pkg-config (~> 1.1.7)
    pkg-config (1.1.7)
    rack (1.2.1)
    rake (10.4.2)
    rspec (2.4.0)
      rspec-core (~> 2.4.0)
      rspec-expectations (~> 2.4.0)
      rspec-mocks (~> 2.4.0)
    rspec-core (2.4.0)
    rspec-expectations (2.4.0)
      diff-lcs (~> 1.1.2)
    rspec-mocks (2.4.0)
    savon (0.8.3)
      builder (>= 2.1.2)
      crack (~> 0.1.8)
      gyoku (>= 0.2.0)
      httpi (>= 0.7.8)
    savon_spec (0.1.2)
      mocha (>= 0.9.8)
      rspec (>= 2.0.0)
      savon (~> 0.8.0)

PLATFORMS
  ruby

DEPENDENCIES
  afipws!
  rake (~> 10.4.2)
  rspec
  savon_spec

BUNDLED WITH
   1.12.3
