PATH
  remote: .
  specs:
    afipws (0.0.1)
      builder

GEM
  remote: http://rubygems.org/
  specs:
    builder (2.1.2)
    diff-lcs (1.1.2)
    nokogiri (1.4.4)
    rspec (2.4.0)
      rspec-core (~> 2.4.0)
      rspec-expectations (~> 2.4.0)
      rspec-mocks (~> 2.4.0)
    rspec-core (2.4.0)
    rspec-expectations (2.4.0)
      diff-lcs (~> 1.1.2)
    rspec-mocks (2.4.0)

PLATFORMS
  ruby

DEPENDENCIES
  afipws!
  builder
  nokogiri
  rspec
