PATH
  remote: .
  specs:
    afipws (0.0.1)
      activesupport
      builder
      httpclient
      i18n
      nokogiri
      savon

GEM
  remote: http://rubygems.org/
  specs:
    activesupport (3.0.3)
    archive-tar-minitar (0.5.2)
    builder (3.0.0)
    columnize (0.3.2)
    crack (0.1.8)
    diff-lcs (1.1.2)
    gyoku (0.2.0)
      builder (>= 2.1.2)
    httpclient (2.1.6.1)
    httpi (0.7.8)
      rack
    i18n (0.5.0)
    linecache19 (0.5.11)
      ruby_core_source (>= 0.1.4)
    mocha (0.9.10)
      rake
    nokogiri (1.4.4)
    rack (1.2.1)
    rake (0.8.7)
    rspec (2.4.0)
      rspec-core (~> 2.4.0)
      rspec-expectations (~> 2.4.0)
      rspec-mocks (~> 2.4.0)
    rspec-core (2.4.0)
    rspec-expectations (2.4.0)
      diff-lcs (~> 1.1.2)
    rspec-mocks (2.4.0)
    ruby-debug-base19 (0.11.24)
      columnize (>= 0.3.1)
      linecache19 (>= 0.5.11)
      ruby_core_source (>= 0.1.4)
    ruby-debug19 (0.11.6)
      columnize (>= 0.3.1)
      linecache19 (>= 0.5.11)
      ruby-debug-base19 (>= 0.11.19)
    ruby_core_source (0.1.4)
      archive-tar-minitar (>= 0.5.2)
    savon (0.8.3)
      builder (>= 2.1.2)
      crack (~> 0.1.8)
      gyoku (>= 0.2.0)
      httpi (>= 0.7.8)
    savon_spec (0.1.2)
      mocha (>= 0.9.8)
      rspec (>= 2.0.0)
      savon (~> 0.8.0)

PLATFORMS
  ruby

DEPENDENCIES
  afipws!
  rspec
  ruby-debug19
  savon_spec
